GEM
  remote: https://rubygems.org/
  specs:
    base64 (0.1.1)
    faraday (2.2.0)
      faraday-net_http (~> 2.0)
      ruby2_keywords (>= 0.0.4)
    faraday-net_http (2.0.2)
    ffi (1.15.5)
    rbnacl (7.1.1)
      ffi
    ruby2_keywords (0.0.5)

PLATFORMS
  x86_64-linux

DEPENDENCIES
  base64
  faraday
  rbnacl

BUNDLED WITH
   2.3.7
